GIT
  remote: git://github.com/opal/opal-haml.git
  revision: 0bdd3eb53ec03d380e14440a94f779ed7c3741e1
  specs:
    opal-haml (0.2.0)
      haml
      opal (>= 0.5.0, < 1.0.0)

GIT
  remote: git://github.com/opal/opal-jquery.git
  revision: 1814202085f168176231b877b2b7a967b75b0726
  specs:
    opal-jquery (0.1.2)
      opal (>= 0.5.0, < 1.0.0)

GIT
  remote: git://github.com/opal/opal.git
  revision: 85220f32136c74ac93f1cb721462324a3423cf44
  specs:
    opal (0.6.0)
      source_map
      sprockets

PATH
  remote: ../vienna
  specs:
    vienna (0.0.2)
      opal (>= 0.5.0, < 1.0.0)
      opal-activesupport
      opal-jquery

GEM
  remote: https://rubygems.org/
  specs:
    daemons (1.1.9)
    eventmachine (1.0.3)
    haml (4.0.5)
      tilt
    hike (1.2.3)
    json (1.8.1)
    multi_json (1.8.4)
    opal-activesupport (0.0.5)
      opal
    opal-rspec (0.3.0.beta2)
      opal (>= 0.6.0, < 1.0.0)
    rack (1.5.2)
    rake (10.1.1)
    source_map (3.0.1)
      json
    sprockets (2.10.1)
      hike (~> 1.2)
      multi_json (~> 1.0)
      rack (~> 1.0)
      tilt (~> 1.1, != 1.3.0)
    thin (1.6.2)
      daemons (>= 1.0.9)
      eventmachine (>= 1.0.0)
      rack (>= 1.0.0)
    tilt (1.4.1)

PLATFORMS
  ruby

DEPENDENCIES
  opal!
  opal-haml!
  opal-jquery!
  opal-rspec (= 0.3.0.beta2)
  rake
  thin
  vienna!
